GEM
  remote: https://rubygems.org/
  specs:
    chunky_png (1.4.0)
    coderay (1.1.3)
    method_source (1.0.0)
    pry (0.14.1)
      coderay (~> 1.1)
      method_source (~> 1.0)
    wavefile (1.1.1)

PLATFORMS
  arm64-darwin-20
  arm64-darwin-21
  x86_64-darwin-19

DEPENDENCIES
  chunky_png
  pry
  wavefile

BUNDLED WITH
   2.3.13
